GEM
  remote: http://rubygems.org/
  specs:
    addressable (2.2.6)
    aruba (0.3.6)
      childprocess (>= 0.1.7)
      cucumber (>= 0.10.0)
      rspec (>= 2.5.0)
    builder (3.0.0)
    childprocess (0.2.2)
      ffi (~> 1.0.6)
    crack (0.1.8)
    cucumber (1.0.6)
      builder (>= 2.1.2)
      diff-lcs (>= 1.1.2)
      gherkin (~> 2.4.18)
      json (>= 1.4.6)
      term-ansicolor (>= 1.0.6)
    diff-lcs (1.1.3)
    ffi (1.0.9)
    gherkin (2.4.21)
      json (>= 1.4.6)
    httparty (0.7.8)
      crack (= 0.1.8)
    json (1.4.6)
    rake (0.8.7)
    rspec (2.6.0)
      rspec-core (~> 2.6.0)
      rspec-expectations (~> 2.6.0)
      rspec-mocks (~> 2.6.0)
    rspec-core (2.6.4)
    rspec-expectations (2.6.0)
      diff-lcs (~> 1.1.2)
    rspec-mocks (2.6.0)
    term-ansicolor (1.0.6)
    thor (0.14.6)
    webmock (1.7.6)
      addressable (~> 2.2, > 2.2.5)
      crack (>= 0.1.7)

PLATFORMS
  ruby

DEPENDENCIES
  aruba (= 0.3.6)
  crack (= 0.1.8)
  cucumber (= 1.0.6)
  diff-lcs (= 1.1.3)
  httparty (= 0.7.8)
  json (= 1.4.6)
  rake (= 0.8.7)
  rspec (= 2.6.0)
  thor (= 0.14.6)
  webmock
