GEM
  remote: http://rubygems.org/
  specs:
    rake (0.8.7)
    thor (0.14.6)

PLATFORMS
  ruby

DEPENDENCIES
  rake (= 0.8.7)
  thor (= 0.14.6)
